GEM
  remote: https://rubygems.org/
  specs:
    TimezoneParser (0.3.3)
      insensitive_hash
      tzinfo
    activesupport (3.2.22.5)
      i18n (~> 0.6, >= 0.6.4)
      multi_json (~> 1.0)
    addressable (2.7.0)
      public_suffix (>= 2.0.2, < 5.0)
    concurrent-ruby (1.1.7)
    dotenv (2.7.6)
    faraday (1.1.0)
      multipart-post (>= 1.2, < 3)
      ruby2_keywords
    google_calendar (0.6.4)
      TimezoneParser (~> 0.3.0)
      json (>= 1.8.3)
      signet (~> 0.7)
    i18n (0.9.5)
      concurrent-ruby (~> 1.0)
    icalendar (2.7.0)
      ice_cube (~> 0.16)
    ice_cube (0.16.3)
    insensitive_hash (0.3.3)
    json (2.3.1)
    jwt (2.2.2)
    multi_json (1.15.0)
    multipart-post (2.1.1)
    public_suffix (4.0.6)
    rack (2.2.3)
    ruby2_keywords (0.0.2)
    signet (0.14.0)
      addressable (~> 2.3)
      faraday (>= 0.17.3, < 2.0)
      jwt (>= 1.5, < 3.0)
      multi_json (~> 1.10)
    tzinfo (2.0.2)
      concurrent-ruby (~> 1.0)

PLATFORMS
  ruby

DEPENDENCIES
  activesupport
  dotenv
  google_calendar
  icalendar
  rack

BUNDLED WITH
   2.1.4
